GEM
  remote: https://rubygems.org/
  specs:
    bson (1.9.0)
    bson_ext (1.9.0)
      bson (~> 1.9.0)
    capistrano (2.15.4)
      highline
      net-scp (>= 1.0.0)
      net-sftp (>= 2.0.0)
      net-ssh (>= 2.0.14)
      net-ssh-gateway (>= 1.1.0)
    capistrano-ext (1.2.1)
      capistrano (>= 1.0.0)
    capistrano_colors (0.5.5)
    cinch (2.0.4)
    curb (0.8.4)
    highline (1.6.19)
    mini_portile (0.5.0)
    mongo (1.9.0)
      bson (~> 1.9.0)
    net-scp (1.1.1)
      net-ssh (>= 2.6.5)
    net-sftp (2.1.2)
      net-ssh (>= 2.6.5)
    net-ssh (2.6.7)
    net-ssh-gateway (1.2.0)
      net-ssh (>= 2.6.5)
    nokogiri (1.6.0)
      mini_portile (~> 0.5.0)

PLATFORMS
  ruby

DEPENDENCIES
  bson_ext
  capistrano
  capistrano-ext
  capistrano_colors
  cinch
  curb
  mongo
  nokogiri
