GEM
  remote: https://rubygems.org/
  specs:
    cinch (2.0.4)
    curb (0.8.4)

PLATFORMS
  ruby

DEPENDENCIES
  cinch
  curb
