GEM
  remote: https://rubygems.org/
  specs:
    cinch (2.0.4)
    curb (0.8.4)
    mini_portile (0.5.0)
    nokogiri (1.6.0)
      mini_portile (~> 0.5.0)

PLATFORMS
  ruby

DEPENDENCIES
  cinch
  curb
  nokogiri
